PATH
  remote: .
  specs:
    caly (0.0.0)

GEM
  remote: https://rubygems.org/
  specs:
    addressable (2.8.6)
      public_suffix (>= 2.0.2, < 6.0)
    bigdecimal (3.1.7)
    coderay (1.1.3)
    crack (1.0.0)
      bigdecimal
      rexml
    hashdiff (1.1.0)
    method_source (1.1.0)
    minitest (5.22.3)
    pry (0.14.2)
      coderay (~> 1.1)
      method_source (~> 1.0)
    public_suffix (5.0.5)
    rexml (3.2.6)
    webmock (3.23.0)
      addressable (>= 2.8.0)
      crack (>= 0.3.2)
      hashdiff (>= 0.4.0, < 2.0.0)

PLATFORMS
  x86_64-darwin-22

DEPENDENCIES
  caly!
  minitest
  pry
  webmock

BUNDLED WITH
   2.4.3
